GEM
  remote: https://rubygems.org/
  specs:
    async (1.10.1)
      nio4r (~> 2.3)
      timers (~> 4.1)
    async-container (0.6.0)
      async (~> 1.0)
      async-io (~> 1.4)
    async-http (0.30.3)
      async (~> 1.6)
      async-io (~> 1.15)
      http-protocol (~> 0.3.0)
    async-io (1.15.2)
      async (~> 1.3)
    falcon (0.18.4)
      async-container (~> 0.6.0)
      async-http (~> 0.30.0)
      async-io (~> 1.9)
      localhost (~> 1.1)
      rack (>= 1.0)
      samovar (~> 1.3)
    hitimes (1.3.0)
    http-hpack (0.1.0)
    http-protocol (0.3.0)
      http-hpack (~> 0.1.0)
    localhost (1.1.2)
    mapping (1.1.1)
    mustermann (1.0.2)
    nio4r (2.3.1)
    rack (2.0.5)
    rack-protection (2.0.3)
      rack
    rainbow (2.2.2)
      rake
    rake (12.3.1)
    samovar (1.9.0)
      mapping (~> 1.0)
      rainbow (~> 2.0)
    sinatra (2.0.3)
      mustermann (~> 1.0)
      rack (~> 2.0)
      rack-protection (= 2.0.3)
      tilt (~> 2.0)
    tilt (2.0.8)
    timers (4.1.2)
      hitimes

PLATFORMS
  ruby

DEPENDENCIES
  falcon
  sinatra

BUNDLED WITH
   1.16.1
